GIT
  remote: http://github.com/chefdoc/yard-chefdoc
  revision: cc8e8ac9e9492109f86c12ab7c0d86b5d3b7ae93
  specs:
    yard-chefdoc (0.0.1)
      yard

GIT
  remote: http://github.com/lsegal/yard
  revision: d816482a0d4850506c3bcccc9434550c536c28c6
  specs:
    yard (0.9.5)

GEM
  remote: https://rubygems.org/
  specs:
    addressable (2.5.0)
      public_suffix (~> 2.0, >= 2.0.2)
    buff-config (2.0.0)
      buff-extensions (~> 2.0)
      varia_model (~> 0.6)
    buff-extensions (2.0.0)
    buff-ignore (1.2.0)
    buff-ruby_engine (1.0.0)
    buff-shell_out (1.1.0)
      buff-ruby_engine (~> 1.0)
    celluloid (0.16.0)
      timers (~> 4.0.0)
    celluloid-io (0.16.2)
      celluloid (>= 0.16.0)
      nio4r (>= 1.1.0)
    chef-config (12.16.42)
      addressable
      fuzzyurl
      mixlib-config (~> 2.0)
      mixlib-shellout (~> 2.0)
    erubis (2.7.0)
    faraday (0.9.2)
      multipart-post (>= 1.2, < 3)
    fuzzyurl (0.9.0)
    hashie (3.4.6)
    hitimes (1.2.4)
    httpclient (2.8.2.4)
    i18n (0.7.0)
    json (2.0.2)
    mixlib-archive (0.2.0)
      mixlib-log
    mixlib-authentication (1.4.1)
      mixlib-log
    mixlib-config (2.2.4)
    mixlib-log (1.7.1)
    mixlib-shellout (2.2.7)
    multipart-post (2.0.0)
    net-http-persistent (2.9.4)
    nio4r (1.2.1)
    public_suffix (2.0.4)
    puma (3.6.2)
    rack (1.6.5)
    rack-protection (1.5.3)
      rack
    rake (11.3.0)
    redis (3.3.2)
    retryable (2.0.4)
    ridley (5.1.0)
      addressable
      buff-config (~> 2.0)
      buff-extensions (~> 2.0)
      buff-ignore (~> 1.2)
      buff-shell_out (~> 1.0)
      celluloid (~> 0.16.0)
      celluloid-io (~> 0.16.1)
      chef-config (>= 12.5.0)
      erubis
      faraday (~> 0.9.0)
      hashie (>= 2.0.2, < 4.0.0)
      httpclient (~> 2.7)
      json (>= 1.7.7)
      mixlib-authentication (>= 1.3.0)
      retryable (~> 2.0)
      semverse (~> 2.0)
      varia_model (~> 0.6)
    rufus-scheduler (3.3.1)
      tzinfo
    semverse (2.0.0)
    sinatra (1.4.7)
      rack (~> 1.5)
      rack-protection (~> 1.4)
      tilt (>= 1.3, < 3)
    thread_safe (0.3.5)
    tilt (2.0.5)
    timers (4.0.4)
      hitimes
    tzinfo (1.2.2)
      thread_safe (~> 0.1)
    varia_model (0.6.0)
      buff-extensions (~> 2.0)
      hashie (>= 2.0.2, < 4.0.0)
    version_sorter (2.1.0)

PLATFORMS
  ruby

DEPENDENCIES
  i18n
  json
  mixlib-archive
  net-http-persistent (~> 2.0)
  puma
  rake
  redis
  retryable
  ridley (~> 5.1.0)
  rufus-scheduler
  sinatra (>= 1.3)
  version_sorter
  yard!
  yard-chefdoc!

BUNDLED WITH
   1.11.2
